GIT
  remote: git://github.com/schmurfy/guard-nanoc.git
  revision: 6193d2955cacc0b9686ed713c30def10454d1f96
  specs:
    guard-nanoc (0.1.0)
      guard (~> 0.5.1)
      nanoc (~> 3.2.1)

GEM
  remote: http://rubygems.org/
  specs:
    activesupport (3.0.9)
    addressable (2.2.6)
    builder (3.0.0)
    chunky_png (1.2.1)
    compass (0.11.5)
      chunky_png (~> 1.2)
      fssm (>= 0.2.7)
      sass (~> 3.1)
    cri (2.0.2)
    em-websocket (0.3.1)
      addressable (>= 2.1.1)
      eventmachine (>= 0.12.9)
    eventmachine (0.12.10)
    fssm (0.2.7)
    growl (1.0.3)
    guard (0.5.1)
      thor (~> 0.14.6)
    guard-livereload (0.2.1)
      em-websocket (>= 0.2.0)
      guard (>= 0.4.0)
      json (>= 1.5.1)
    haml (3.1.2)
    json (1.5.3)
    mime-types (1.16)
    nanoc (3.2.1)
      nanoc3 (>= 3.2.1)
    nanoc3 (3.2.1)
      cri (~> 2.0)
    nokogiri (1.5.0)
    rake (0.9.2)
    rb-fsevent (0.4.3)
    redcarpet (1.17.2)
    sass (3.1.7)
    thor (0.14.6)

PLATFORMS
  ruby

DEPENDENCIES
  activesupport
  builder
  compass
  growl
  guard
  guard-livereload
  guard-nanoc!
  haml
  mime-types
  nanoc
  nokogiri
  rake
  rb-fsevent
  redcarpet
